PATH
  remote: .
  specs:
    configy (0.0.4)

GEM
  remote: http://rubygems.org/
  specs:
    minitest (2.1.0)

PLATFORMS
  ruby

DEPENDENCIES
  configy!
  minitest (~> 2.1.0)
